GEM
  remote: http://rubygems.org/
  specs:
    ffi (1.0.11)
    geoip (1.1.2)
    guard (1.0.3)
      ffi (>= 0.5.0)
      thor (>= 0.14.6)
    guard-minitest (0.5.0)
      guard (>= 0.4)
    minitest (3.0.0)
    rack (1.4.1)
    rack-test (0.6.1)
      rack (>= 1.0)
    thor (0.15.2)

PLATFORMS
  ruby

DEPENDENCIES
  geoip
  guard
  guard-minitest
  minitest
  rack-test
